GIT
  remote: git://github.com/javan/blade-sauce_labs_plugin.git
  revision: 2f8a01eaf73c6d14a356175b0a8c324a77b2d2c2
  specs:
    blade-sauce_labs_plugin (0.4.1)
      blade
      childprocess
      faraday
      selenium-webdriver

GIT
  remote: git://github.com/javan/blade.git
  revision: 84e843ed5517c8eff61d876dcf4634deebe88aa8
  specs:
    blade (0.5.0)
      activesupport (>= 3.0.0)
      blade-qunit_adapter (~> 1.20.0)
      coffee-script (~> 2.4.0)
      coffee-script-source (~> 1.9.0)
      curses (~> 1.0.0)
      eventmachine (~> 1.0.0)
      faye (= 1.1.1)
      sprockets (~> 3.2.0)
      thin (~> 1.6.0)
      thor (~> 0.19.1)
      useragent (~> 0.13.0)

GEM
  remote: https://rubygems.org/
  specs:
    activesupport (6.0.3.4)
      concurrent-ruby (~> 1.0, >= 1.0.2)
      i18n (>= 0.7, < 2)
      minitest (~> 5.1)
      tzinfo (~> 1.1)
      zeitwerk (~> 2.2, >= 2.2.2)
    addressable (2.4.0)
    blade-qunit_adapter (1.20.0)
    childprocess (0.5.8)
      ffi (~> 1.0, >= 1.0.11)
    coffee-script (2.4.1)
      coffee-script-source
      execjs
    coffee-script-source (1.9.3)
    concurrent-ruby (1.1.7)
    cookiejar (0.3.0)
    curses (1.0.1)
    daemons (1.2.3)
    eco (1.0.0)
      coffee-script
      eco-source
      execjs
    eco-source (1.1.0.rc.1)
    em-http-request (1.1.3)
      addressable (>= 2.3.4)
      cookiejar (<= 0.3.0)
      em-socksify (>= 0.3)
      eventmachine (>= 1.0.3)
      http_parser.rb (>= 0.6.0)
    em-socksify (0.3.1)
      eventmachine (>= 1.0.0.beta.4)
    eventmachine (1.0.9.1)
    execjs (2.6.0)
    faraday (0.9.2)
      multipart-post (>= 1.2, < 3)
    faye (1.1.1)
      cookiejar (>= 0.3.0)
      em-http-request (>= 0.3.0)
      eventmachine (>= 0.12.0)
      faye-websocket (>= 0.9.1)
      multi_json (>= 1.0.0)
      rack (>= 1.0.0)
      websocket-driver (>= 0.5.1)
    faye-websocket (0.10.2)
      eventmachine (>= 0.12.0)
      websocket-driver (>= 0.5.1)
    ffi (1.9.10)
    http_parser.rb (0.6.0)
    i18n (1.8.5)
      concurrent-ruby (~> 1.0)
    json (2.3.1)
    minitest (5.14.2)
    multi_json (1.11.2)
    multipart-post (2.0.0)
    rack (1.6.4)
    rake (10.4.2)
    rubyzip (1.1.7)
    selenium-webdriver (2.48.1)
      childprocess (~> 0.5)
      multi_json (~> 1.0)
      rubyzip (~> 1.0)
      websocket (~> 1.0)
    sprockets (3.2.0)
      rack (~> 1.0)
    thin (1.6.4)
      daemons (~> 1.0, >= 1.0.9)
      eventmachine (~> 1.0, >= 1.0.4)
      rack (~> 1.0)
    thor (0.19.1)
    thread_safe (0.3.6)
    tzinfo (1.2.8)
      thread_safe (~> 0.1)
    uglifier (2.7.2)
      execjs (>= 0.3.0)
      json (>= 1.8.0)
    useragent (0.13.3)
    websocket (1.2.2)
    websocket-driver (0.6.3)
      websocket-extensions (>= 0.1.0)
    websocket-extensions (0.1.2)
    zeitwerk (2.4.1)

PLATFORMS
  ruby

DEPENDENCIES
  blade!
  blade-sauce_labs_plugin!
  coffee-script
  coffee-script-source (~> 1.9.1)
  eco
  rake
  sprockets
  uglifier

BUNDLED WITH
   1.10.6
